GEM
  remote: https://rubygems.org/
  specs:
    activemodel (5.2.1)
      activesupport (= 5.2.1)
    activesupport (5.2.1)
      concurrent-ruby (~> 1.0, >= 1.0.2)
      i18n (>= 0.7, < 2)
      minitest (~> 5.1)
      tzinfo (~> 1.1)
    clubhouse_ruby (0.5.0)
    coderay (1.1.2)
    concurrent-ruby (1.0.5)
    dotenv (2.7.2)
    faraday (0.15.3)
      multipart-post (>= 1.2, < 3)
    her (1.0.2)
      activemodel (>= 4.2.1)
      faraday (>= 0.8, < 1.0)
      multi_json (~> 1.7)
    i18n (1.1.0)
      concurrent-ruby (~> 1.0)
    method_source (0.9.0)
    minitest (5.11.3)
    multi_json (1.13.1)
    multipart-post (2.0.0)
    pry (0.11.3)
      coderay (~> 1.1.0)
      method_source (~> 0.9.0)
    thread_safe (0.3.6)
    tzinfo (1.2.5)
      thread_safe (~> 0.1)

PLATFORMS
  ruby

DEPENDENCIES
  activemodel
  activesupport
  clubhouse_ruby
  dotenv
  her
  pry

BUNDLED WITH
   1.17.3
